GEM
  remote: https://rubygems.org/
  specs:
    ffi (1.12.2)
    msgpack (1.3.3)
    mustermann (2.0.2)
      ruby2_keywords (~> 0.0.1)
    optimist (3.0.0)
    rack (2.2.4)
    rack-protection (2.2.3)
      rack
    rbtrace (0.4.12)
      ffi (>= 1.0.6)
      msgpack (>= 0.4.3)
      optimist (>= 3.0.0)
    ruby2_keywords (0.0.5)
    sinatra (2.2.3)
      mustermann (~> 2.0)
      rack (~> 2.2)
      rack-protection (= 2.2.3)
      tilt (~> 2.0)
    tilt (2.0.11)

PLATFORMS
  ruby

DEPENDENCIES
  rbtrace
  sinatra

BUNDLED WITH
   1.17.2
